PATH
  remote: .
  specs:
    se-api (0.0.0.beta1)

GEM
  remote: https://rubygems.org/
  specs:
    minitest (5.11.3)
    rake (10.5.0)

PLATFORMS
  ruby

DEPENDENCIES
  bundler (~> 1.15)
  minitest (~> 5.0)
  rake (~> 10.0)
  se-api!

BUNDLED WITH
   1.16.2
